PATH
  remote: /home/avdi/dev/greenletters
  specs:
    greenletters (0.1.0)

GEM
  remote: http://rubygems.org/
  specs:
    builder (2.1.2)
    columnize (0.3.1)
    cucumber (0.9.0)
      builder (~> 2.1.2)
      diff-lcs (~> 1.1.2)
      gherkin (~> 2.2.2)
      json (~> 1.4.6)
      term-ansicolor (~> 1.0.5)
    diff-lcs (1.1.2)
    gherkin (2.2.3)
      json (~> 1.4.6)
      term-ansicolor (~> 1.0.5)
      trollop (~> 1.16.2)
    johnson (1.2.0)
    json (1.4.6)
    linecache (0.43)
    rack (1.2.1)
    rspec (1.3.0)
    rspec-rails (1.3.2)
      rack (>= 1.0.0)
      rspec (>= 1.3.0)
    ruby-debug (0.10.3)
      columnize (>= 0.1)
      ruby-debug-base (~> 0.10.3.0)
    ruby-debug-base (0.10.3)
      linecache (>= 0.3)
    term-ansicolor (1.0.5)
    trollop (1.16.2)

PLATFORMS
  ruby

DEPENDENCIES
  cucumber
  greenletters!
  johnson
  rspec
  rspec-rails
  ruby-debug
